PATH
  remote: .
  specs:
    govuk-design-system-rails (0.3.0)

GEM
  remote: https://rubygems.org/
  specs:

PLATFORMS
  ruby

DEPENDENCIES
  govuk-design-system-rails!

BUNDLED WITH
   2.0.2
